GIT
  remote: https://github.com/jcabotc/omnom
  revision: 8dce724abe632901993ee7ac40a16a9a48ad8680
  specs:
    omnom (0.1.0)
      concurrent-ruby

PATH
  remote: .
  specs:
    omnom_example (0.1.0)

GEM
  remote: https://rubygems.org/
  specs:
    concurrent-ruby (1.1.6)
    diff-lcs (1.3)
    rake (12.3.3)
    rspec (3.9.0)
      rspec-core (~> 3.9.0)
      rspec-expectations (~> 3.9.0)
      rspec-mocks (~> 3.9.0)
    rspec-core (3.9.2)
      rspec-support (~> 3.9.3)
    rspec-expectations (3.9.2)
      diff-lcs (>= 1.2.0, < 2.0)
      rspec-support (~> 3.9.0)
    rspec-mocks (3.9.1)
      diff-lcs (>= 1.2.0, < 2.0)
      rspec-support (~> 3.9.0)
    rspec-support (3.9.3)
    thor (0.20.3)

PLATFORMS
  ruby

DEPENDENCIES
  omnom!
  omnom_example!
  rake (~> 12.0)
  rspec (~> 3.0)
  thor (~> 0.20)

BUNDLED WITH
   2.1.2
